GENERATE-LOAD-SCRIPTS: ON
RESTRICTION: == net472
NUGET
  remote: https://www.nuget.org/api/v2
    FSharp.Core (4.7)
    Ufal.UDPipe.CSharp.Unofficial (1.0.5)
